GEM
  remote: https://rubygems.org/
  specs:
    coderay (1.1.3)
    daemons (1.3.1)
    method_source (0.8.2)
    pry (0.10.4)
      coderay (~> 1.1.0)
      method_source (~> 0.8.1)
      slop (~> 3.4)
    redis (3.3.5)
    slop (3.6.0)

PLATFORMS
  ruby

DEPENDENCIES
  daemons (~> 1.2, >= 1.2.3)
  pry (~> 0.10.3)
  redis (~> 3.3, >= 3.3.1)

BUNDLED WITH
   1.17.2
